GEM
  remote: https://rubygems.org/
  specs:
    amazing_print (1.6.0)
    amq-protocol (2.3.2)
    base64 (0.2.0)
    bigdecimal (3.1.8)
    bunny (2.22.0)
      amq-protocol (~> 2.3, >= 2.3.1)
      sorted_set (~> 1, >= 1.0.2)
    mustermann (3.0.0)
      ruby2_keywords (~> 0.0.1)
    nio4r (2.7.3)
    oj (3.16.4)
      bigdecimal (>= 3.0)
    ougai (2.0.0)
      oj (~> 3.10)
    prometheus-client (4.2.2)
    puma (6.4.2)
      nio4r (~> 2.0)
    rack (2.2.9)
    rack-ougai (0.3.0)
      ougai (~> 2.0)
      rack (~> 2.0)
    rack-protection (3.2.0)
      base64 (>= 0.1.0)
      rack (~> 2.2, >= 2.2.4)
    rack-request-id (0.0.4)
    rbtree (0.4.6)
    ruby2_keywords (0.0.5)
    set (1.1.0)
    sinatra (3.2.0)
      mustermann (~> 3.0)
      rack (~> 2.2, >= 2.2.4)
      rack-protection (= 3.2.0)
      tilt (~> 2.0)
    sorted_set (1.0.3)
      rbtree
      set (~> 1.0)
    tilt (2.3.0)

PLATFORMS
  ruby
  x86_64-linux

DEPENDENCIES
  amazing_print
  bunny
  ougai
  prometheus-client
  puma
  rack-ougai
  rack-request-id
  sinatra

RUBY VERSION
   ruby 3.2.2p53

BUNDLED WITH
   2.5.9
